PATH
  remote: .
  specs:
    coap (0.0.1)

GEM
  remote: https://rubygems.org/
  specs:
    rake (10.1.1)

PLATFORMS
  ruby

DEPENDENCIES
  bundler (~> 1.6)
  coap!
  rake (~> 10.1)
